GEM
  remote: https://rubygems.org/
  specs:
    amazing_print (1.4.0)
    byebug (11.1.3)
    faraday (2.7.4)
      faraday-net_http (>= 2.0, < 3.1)
      ruby2_keywords (>= 0.0.4)
    faraday-multipart (1.0.4)
      multipart-post (~> 2)
    faraday-net_http (3.0.2)
    multipart-post (2.3.0)
    pragmatic_segmenter (0.3.23)
      unicode
    ruby-openai (4.0.0)
      faraday (>= 1)
      faraday-multipart (>= 1)
    ruby-progressbar (1.13.0)
    ruby2_keywords (0.0.5)
    sooth (2.3.2)
    unicode (0.4.4.4)

PLATFORMS
  arm64-darwin-22

DEPENDENCIES
  amazing_print (~> 1.4)
  byebug (~> 11.1)
  pragmatic_segmenter (~> 0.3)
  ruby-openai (~> 4.0)
  ruby-progressbar (~> 1.13)
  sooth (~> 2.3)

RUBY VERSION
   ruby 3.2.2p53

BUNDLED WITH
   2.4.10
