GEM
  remote: https://rubygems.org/
  specs:
    awesome_print (1.8.0)
    byebug (10.0.2)
    pragmatic_segmenter (0.3.22)
      unicode
    unicode (0.4.4.4)

PLATFORMS
  ruby

DEPENDENCIES
  awesome_print (~> 1.8)
  byebug (~> 10.0)
  pragmatic_segmenter (~> 0.3)

RUBY VERSION
   ruby 2.5.3p105

BUNDLED WITH
   1.17.1
